RESTRICTION: || (== netcoreapp2.0) (== netstandard2.0)
NUGET
  remote: https://www.nuget.org/api/v2
    FSharp.Core (4.3.4)
    Microsoft.CSharp (4.7)
    NETStandard.Library.NETFramework (2.0.0-preview2-25405-01)
    Numpy.Bare (3.6.1.10)
      Microsoft.CSharp (>= 4.5)
      Python.Runtime.NETStandard (>= 3.6.1)
    Python.Runtime.NETStandard (3.7.1)
      System.Reflection.Emit (>= 4.3)
    Sylvester.Arithmetic (0.1.7)
      FSharp.Core (>= 4.3.4)
    System.Reflection.Emit (4.7)
      System.Reflection.Emit.ILGeneration (>= 4.7) - restriction: || (&& (== netcoreapp2.0) (< netstandard1.1)) (&& (== netcoreapp2.0) (< netstandard2.0)) (&& (== netcoreapp2.0) (>= uap10.1)) (== netstandard2.0)
    System.Reflection.Emit.ILGeneration (4.7) - restriction: || (&& (== netcoreapp2.0) (< netstandard1.1)) (&& (== netcoreapp2.0) (< netstandard2.0)) (&& (== netcoreapp2.0) (>= uap10.1)) (== netstandard2.0)
GITHUB
  remote: fsprojects/FSharp.TypeProviders.SDK
    src/ProvidedTypes.fs (b8727a47dd83d3e88aed8f2100f6712478c64632)
    src/ProvidedTypes.fsi (b8727a47dd83d3e88aed8f2100f6712478c64632)
GROUP Test
RESTRICTION: == netcoreapp2.0
NUGET
  remote: https://www.nuget.org/api/v2
    FSharp.Core (4.3.4)
    Microsoft.CSharp (4.7)
    Microsoft.NETCore.Platforms (3.1)
    Microsoft.NETCore.Targets (3.1)
    NETStandard.Library (2.0.3)
      Microsoft.NETCore.Platforms (>= 1.1)
    Numpy.Bare (3.6.1.10)
      Microsoft.CSharp (>= 4.5)
      Python.Runtime.NETStandard (>= 3.6.1)
    NUnit (3.6.1)
      NETStandard.Library (>= 1.6)
      System.Runtime.Loader (>= 4.0)
    NUnit.Console (3.6.1)
      NUnit.ConsoleRunner (>= 3.6.1)
      NUnit.Extension.NUnitProjectLoader (>= 3.5)
      NUnit.Extension.NUnitV2Driver (>= 3.6)
      NUnit.Extension.NUnitV2ResultWriter (>= 3.5)
      NUnit.Extension.TeamCityEventListener (>= 1.0.2)
      NUnit.Extension.VSProjectLoader (>= 3.5)
    NUnit.ConsoleRunner (3.10)
    NUnit.Extension.NUnitProjectLoader (3.6)
    NUnit.Extension.NUnitV2Driver (3.8)
    NUnit.Extension.NUnitV2ResultWriter (3.6)
    NUnit.Extension.TeamCityEventListener (1.0.7)
    NUnit.Extension.VSProjectLoader (3.8)
    NUnit3TestAdapter (3.7.0) - version_in_path: true
    Python.Runtime.NETStandard (3.7.1)
      System.Reflection.Emit (>= 4.3)
    System.IO (4.3)
      Microsoft.NETCore.Platforms (>= 1.1)
      Microsoft.NETCore.Targets (>= 1.1)
      System.Runtime (>= 4.3)
      System.Text.Encoding (>= 4.3)
      System.Threading.Tasks (>= 4.3)
    System.Reflection (4.3)
      Microsoft.NETCore.Platforms (>= 1.1)
      Microsoft.NETCore.Targets (>= 1.1)
      System.IO (>= 4.3)
      System.Reflection.Primitives (>= 4.3)
      System.Runtime (>= 4.3)
    System.Reflection.Emit (4.7)
    System.Reflection.Primitives (4.3)
      Microsoft.NETCore.Platforms (>= 1.1)
      Microsoft.NETCore.Targets (>= 1.1)
      System.Runtime (>= 4.3)
    System.Runtime (4.3.1)
      Microsoft.NETCore.Platforms (>= 1.1.1)
      Microsoft.NETCore.Targets (>= 1.1.3)
    System.Runtime.Loader (4.3)
      System.IO (>= 4.3)
      System.Reflection (>= 4.3)
      System.Runtime (>= 4.3)
    System.Text.Encoding (4.3)
      Microsoft.NETCore.Platforms (>= 1.1)
      Microsoft.NETCore.Targets (>= 1.1)
      System.Runtime (>= 4.3)
    System.Threading.Tasks (4.3)
      Microsoft.NETCore.Platforms (>= 1.1)
      Microsoft.NETCore.Targets (>= 1.1)
      System.Runtime (>= 4.3)
